GEM
  remote: http://rubygems.org/
  specs:
    ffi (1.0.11)
    guard (0.10.0)
      ffi (>= 0.5.0)
      thor (~> 0.14.6)
    guard-minitest (0.4.0)
      guard (~> 0.4)
    libnotify (0.7.1)
    rb-inotify (0.8.8)
      ffi (>= 0.5.0)
    thor (0.14.6)

PLATFORMS
  ruby

DEPENDENCIES
  guard-minitest
  libnotify
  rb-inotify
